GEM
  remote: http://rubygems.org/
  specs:
    chunky_png (1.2.7)
    compass (0.12.2)
      chunky_png (~> 1.2)
      fssm (>= 0.2.7)
      sass (~> 3.1)
    compass_twitter_bootstrap (2.2.2.2)
      compass
    daemons (1.1.9)
    eventmachine (1.0.1)
    fssm (0.2.10)
    haml (4.0.0)
      tilt
    rack (1.5.2)
    rack-protection (1.4.0)
      rack
    sass (3.2.6)
    sinatra (1.3.5)
      rack (~> 1.4)
      rack-protection (~> 1.3)
      tilt (~> 1.3, >= 1.3.3)
    thin (1.5.0)
      daemons (>= 1.0.9)
      eventmachine (>= 0.12.6)
      rack (>= 1.0.0)
    tilt (1.3.4)

PLATFORMS
  ruby

DEPENDENCIES
  compass_twitter_bootstrap
  haml
  sass (>= 3.2.6)
  sinatra
  thin
